PATH
  remote: .
  specs:
    rspec-png_matcher (0.0.1)
      chunky_png (~> 1.3.4)
      rspec

GEM
  remote: https://rubygems.org/
  specs:
    chunky_png (1.3.14)
    diff-lcs (1.4.4)
    rake (10.5.0)
    rspec (3.10.0)
      rspec-core (~> 3.10.0)
      rspec-expectations (~> 3.10.0)
      rspec-mocks (~> 3.10.0)
    rspec-core (3.10.0)
      rspec-support (~> 3.10.0)
    rspec-expectations (3.10.0)
      diff-lcs (>= 1.2.0, < 2.0)
      rspec-support (~> 3.10.0)
    rspec-mocks (3.10.0)
      diff-lcs (>= 1.2.0, < 2.0)
      rspec-support (~> 3.10.0)
    rspec-support (3.10.0)

PLATFORMS
  ruby

DEPENDENCIES
  bundler (~> 2.1)
  rake (~> 10.0)
  rspec-png_matcher!

BUNDLED WITH
   2.1.4
